GEM
  remote: https://rubygems.org/
  specs:
    addressable (2.2.8)
    curb (0.8.0)
    faraday (0.7.6)
      addressable (~> 2.2)
      multipart-post (~> 1.1)
      rack (~> 1.1)
    faraday_middleware (0.7.0)
      faraday (~> 0.7.3)
    hashie (1.1.0)
    json (1.7.3)
    leftronicapi (1.2.0)
      curb
      json
      rake
    letsfreckle-client (0.2.1)
      faraday (~> 0.7.4)
      faraday_middleware (~> 0.7.0)
      hashie (~> 1.1.0)
      multi_xml (~> 0.2.0)
    multi_xml (0.2.2)
    multipart-post (1.1.5)
    nokogiri (1.5.4)
    rack (1.4.1)
    rake (0.9.2.2)

PLATFORMS
  ruby

DEPENDENCIES
  leftronicapi
  letsfreckle-client
  nokogiri
