GEM
  remote: https://rubygems.org/
  specs:
    addressable (2.2.8)
    faraday (0.7.6)
      addressable (~> 2.2)
      multipart-post (~> 1.1)
      rack (~> 1.1)
    faraday_middleware (0.7.0)
      faraday (~> 0.7.3)
    hashie (1.1.0)
    letsfreckle-client (0.2.1)
      faraday (~> 0.7.4)
      faraday_middleware (~> 0.7.0)
      hashie (~> 1.1.0)
      multi_xml (~> 0.2.0)
    multi_xml (0.2.2)
    multipart-post (1.1.5)
    nokogiri (1.5.5)
    rack (1.4.1)

PLATFORMS
  ruby

DEPENDENCIES
  letsfreckle-client
  nokogiri
