GEM
  remote: https://rubygems.org/
  specs:
    curb (0.8.0)
    json (1.7.3)
    leftronicapi (1.2.0)
      curb
      json
      rake
    nokogiri (1.5.4)
    rake (0.9.2.2)

PLATFORMS
  ruby

DEPENDENCIES
  leftronicapi
  nokogiri
